GEM
  remote: https://rubygems.org/
  specs:
    RubyInline (3.12.3)
      ZenTest (~> 4.3)
    ZenTest (4.11.0)
    activesupport (4.2.0)
      i18n (~> 0.7)
      json (~> 1.7, >= 1.7.7)
      minitest (~> 5.1)
      thread_safe (~> 0.3, >= 0.3.4)
      tzinfo (~> 1.1)
    addressable (2.3.7)
    aws-sdk (1.61.0)
      aws-sdk-v1 (= 1.61.0)
    aws-sdk-v1 (1.61.0)
      json (~> 1.4)
      nokogiri (>= 1.4.4)
    capybara (2.4.4)
      mime-types (>= 1.16)
      nokogiri (>= 1.3.3)
      rack (>= 1.0.0)
      rack-test (>= 0.5.4)
      xpath (~> 2.0)
    claide (0.8.1)
    cliver (0.3.2)
    cocoapods (0.36.0)
      activesupport (>= 3.2.15)
      claide (~> 0.8.1)
      cocoapods-core (= 0.36.0)
      cocoapods-downloader (~> 0.8.1)
      cocoapods-plugins (~> 0.4.1)
      cocoapods-trunk (~> 0.6.0)
      cocoapods-try (~> 0.4.3)
      colored (~> 1.2)
      escape (~> 0.0.4)
      molinillo (~> 0.2.1)
      nap (~> 0.8)
      open4 (~> 1.3)
      xcodeproj (~> 0.23.0)
    cocoapods-core (0.36.0)
      activesupport (>= 3.2.15)
      fuzzy_match (~> 2.0.4)
      nap (~> 0.8.0)
    cocoapods-downloader (0.8.1)
    cocoapods-keys (1.0.1)
      osx_keychain
    cocoapods-plugins (0.4.1)
      nap
    cocoapods-trunk (0.6.0)
      nap (>= 0.8)
      netrc (= 0.7.8)
    cocoapods-try (0.4.3)
    colored (1.2)
    commander (4.2.1)
      highline (~> 1.6.11)
    credentials_manager (0.1.2)
      colored
      highline (~> 1.6.21)
      security (~> 0.1.3)
    deliver (0.7.8)
      capybara (~> 2.4.3)
      colored
      commander (~> 4)
      credentials_manager
      fastimage (~> 1.6.3)
      highline (~> 1.6.21)
      json
      multi_json
      nokogiri (~> 1.6.5)
      phantomjs (~> 1.9.8)
      plist (~> 3.1.0)
      poltergeist (~> 1.5.1)
      prawn
      rubyzip (~> 1.1.6)
    dotenv (0.11.1)
      dotenv-deployment (~> 0.0.2)
    dotenv-deployment (0.0.2)
    escape (0.0.4)
    faraday (0.8.9)
      multipart-post (~> 1.2.0)
    faraday_middleware (0.9.1)
      faraday (>= 0.7.4, < 0.10)
    fastimage (1.6.6)
      addressable (~> 2.3, >= 2.3.5)
    fastlane (0.1.3)
      colored
      commander (~> 4.2.0)
      credentials_manager
      deliver (>= 0.5.0)
      frameit (>= 0.2.0)
      highline (~> 1.6.21)
      json
      nokogiri (~> 1.6.5)
      pem (>= 0.3.0)
      shenzhen (~> 0.10.3)
      sigh (>= 0.2.0)
      snapshot (>= 0.4.0)
    frameit (0.2.0)
      colored
      commander (~> 4.2.0)
      deliver (> 0.3)
      fastimage (~> 1.6.3)
      highline (~> 1.6.21)
      json
      mini_magick (~> 3.8.1)
    fui (0.3.0)
      gli
    fuzzy_match (2.0.4)
    gli (2.12.2)
    highline (1.6.21)
    i18n (0.7.0)
    json (1.8.2)
    mime-types (2.4.3)
    mini_magick (3.8.1)
      subexec (~> 0.2.1)
    mini_portile (0.6.2)
    minitest (5.5.1)
    molinillo (0.2.1)
    multi_json (1.10.1)
    multipart-post (1.2.0)
    mustache (0.99.8)
    nap (0.8.0)
    net-sftp (2.1.2)
      net-ssh (>= 2.6.5)
    net-ssh (2.9.2)
    netrc (0.7.8)
    nokogiri (1.6.5)
      mini_portile (~> 0.6.0)
    open4 (1.3.4)
    osx_keychain (1.0.0)
      RubyInline (~> 3)
    pdf-core (0.4.0)
    pem (0.3.2)
      capybara (~> 2.4.3)
      colored
      commander (~> 4.2.0)
      credentials_manager
      highline (~> 1.6.21)
      json
      phantomjs (~> 1.9.8)
      poltergeist (~> 1.5.1)
    phantomjs (1.9.8.0)
    plist (3.1.0)
    poltergeist (1.5.1)
      capybara (~> 2.1)
      cliver (~> 0.3.1)
      multi_json (~> 1.0)
      websocket-driver (>= 0.2.0)
    prawn (1.3.0)
      pdf-core (~> 0.4.0)
      ttfunk (~> 1.4.0)
    rack (1.6.0)
    rack-test (0.6.3)
      rack (>= 1.0)
    rubyzip (1.1.6)
    second_curtain (0.2.4)
      aws-sdk-v1 (~> 1.52)
      mustache (~> 0.99)
    security (0.1.3)
    shenzhen (0.10.3)
      aws-sdk (~> 1.0)
      commander (~> 4.1)
      dotenv (~> 0.7)
      faraday (~> 0.8.9)
      faraday_middleware (~> 0.9)
      json (~> 1.8)
      net-sftp (~> 2.1.2)
      plist (~> 3.1.0)
      rubyzip (~> 1.1)
      security (~> 0.1.3)
      terminal-table (~> 1.4.5)
    sigh (0.3.1)
      capybara (~> 2.4.3)
      colored
      commander (~> 4)
      credentials_manager
      highline (~> 1.6.21)
      json
      phantomjs (~> 1.9.8)
      poltergeist (~> 1.5.1)
    snapshot (0.4.7)
      colored
      commander (~> 4.2.0)
      fastimage (~> 1.6.3)
      highline (~> 1.6.21)
      json
    subexec (0.2.3)
    terminal-table (1.4.5)
    thread_safe (0.3.5)
    ttfunk (1.4.0)
    tzinfo (1.2.2)
      thread_safe (~> 0.1)
    websocket-driver (0.5.1)
      websocket-extensions (>= 0.1.0)
    websocket-extensions (0.1.1)
    xcodeproj (0.23.0)
      activesupport (>= 3)
      colored (~> 1.2)
    xcpretty (0.1.7)
    xpath (2.0.0)
      nokogiri (~> 1.3)

PLATFORMS
  ruby

DEPENDENCIES
  cocoapods
  cocoapods-keys
  fastlane
  fui (~> 0.3.0)
  second_curtain (~> 0.2.3)
  shenzhen
  xcpretty
